GEM
  remote: https://rubygems.org/
  specs:
    ZenTest (4.11.0)
    actionmailer (4.1.14.2)
      actionpack (= 4.1.14.2)
      actionview (= 4.1.14.2)
      mail (~> 2.5, >= 2.5.4)
    actionpack (4.1.14.2)
      actionview (= 4.1.14.2)
      activesupport (= 4.1.14.2)
      rack (~> 1.5.2)
      rack-test (~> 0.6.2)
    actionview (4.1.14.2)
      activesupport (= 4.1.14.2)
      builder (~> 3.1)
      erubis (~> 2.7.0)
    activemodel (4.1.14.2)
      activesupport (= 4.1.14.2)
      builder (~> 3.1)
    activerecord (4.1.14.2)
      activemodel (= 4.1.14.2)
      activesupport (= 4.1.14.2)
      arel (~> 5.0.0)
    activesupport (4.1.14.2)
      i18n (~> 0.6, >= 0.6.9)
      json (~> 1.7, >= 1.7.7)
      minitest (~> 5.1)
      thread_safe (~> 0.1)
      tzinfo (~> 1.1)
    addressable (2.3.8)
    airbrake (4.1.0)
      builder
      multi_json
    ancestry (2.1.0)
      activerecord (>= 3.0.0)
    arel (5.0.1.20140414130214)
    autotest-rails (4.2.1)
      ZenTest (~> 4.5)
    bcrypt (3.1.10)
    builder (3.2.2)
    cancancan (1.10.1)
    capybara (2.4.4)
      mime-types (>= 1.16)
      nokogiri (>= 1.3.3)
      rack (>= 1.0.0)
      rack-test (>= 0.5.4)
      xpath (~> 2.0)
    chronic (0.10.2)
    chunky_png (1.3.4)
    ckeditor (4.1.1)
      cocaine
      orm_adapter (~> 0.5.0)
    climate_control (0.0.3)
      activesupport (>= 3.0)
    cocaine (0.5.7)
      climate_control (>= 0.0.3, < 1.0)
    coderay (1.1.1)
    columnize (0.9.0)
    compass (1.0.3)
      chunky_png (~> 1.2)
      compass-core (~> 1.0.2)
      compass-import-once (~> 1.0.5)
      rb-fsevent (>= 0.9.3)
      rb-inotify (>= 0.9)
      sass (>= 3.3.13, < 3.5)
    compass-core (1.0.3)
      multi_json (~> 1.0)
      sass (>= 3.3.0, < 3.5)
    compass-import-once (1.0.5)
      sass (>= 3.2, < 3.5)
    compass-rails (2.0.4)
      compass (~> 1.0.0)
      sass-rails (<= 5.0.1)
      sprockets (< 2.13)
    cucumber (1.3.19)
      builder (>= 2.1.2)
      diff-lcs (>= 1.1.3)
      gherkin (~> 2.12)
      multi_json (>= 1.7.5, < 2.0)
      multi_test (>= 0.1.2)
    cucumber-rails (1.4.2)
      capybara (>= 1.1.2, < 3)
      cucumber (>= 1.3.8, < 2)
      mime-types (>= 1.16, < 3)
      nokogiri (~> 1.5)
      rails (>= 3, < 5)
    daemons (1.2.2)
    database_cleaner (1.4.1)
    devise (3.4.1)
      bcrypt (~> 3.0)
      orm_adapter (~> 0.1)
      railties (>= 3.2.6, < 5)
      responders
      thread_safe (~> 0.1)
      warden (~> 1.2.3)
    diff-lcs (1.2.5)
    draper (2.1.0)
      actionpack (>= 3.0)
      activemodel (>= 3.0)
      activesupport (>= 3.0)
      request_store (~> 1.0)
    erubis (2.7.0)
    escape_utils (1.1.0)
    eventmachine (1.0.7)
    execjs (2.6.0)
    factory_girl (4.5.0)
      activesupport (>= 3.0.0)
    factory_girl_rails (4.5.0)
      factory_girl (~> 4.5.0)
      railties (>= 3.0.0)
    faker (1.4.3)
      i18n (~> 0.5)
    ffi (1.9.8)
    font-awesome-sass (4.5.0)
      sass (>= 3.2)
    friendly_id (5.0.5)
      activerecord (>= 4.0.0)
    gherkin (2.12.2)
      multi_json (~> 1.3)
    hike (1.2.3)
    hirb (0.7.3)
    hpricot (0.8.4)
    httparty (0.13.7)
      json (~> 1.8)
      multi_xml (>= 0.5.2)
    i18n (0.7.0)
    jquery-rails (3.1.4)
      railties (>= 3.0, < 5.0)
      thor (>= 0.14, < 2.0)
    jquery-ui-rails (5.0.5)
      railties (>= 3.2.16)
    json (1.8.3)
    kgio (2.9.3)
    launchy (2.4.3)
      addressable (~> 2.3)
    mail (2.6.3)
      mime-types (>= 1.16, < 3)
    method_source (0.8.2)
    mime-types (2.99.1)
    mini_portile (0.6.2)
    minitest (5.8.4)
    multi_json (1.11.2)
    multi_test (0.1.2)
    multi_xml (0.5.5)
    nested_form (0.3.1)
    nokogiri (1.6.6.2)
      mini_portile (~> 0.6.0)
    orm_adapter (0.5.0)
    paperclip (4.2.1)
      activemodel (>= 3.0.0)
      activesupport (>= 3.0.0)
      cocaine (~> 0.5.3)
      mime-types
    pg (0.18.1)
    pg_search (1.0.3)
      activerecord (>= 3.1)
      activesupport (>= 3.1)
      arel
    pry (0.10.3)
      coderay (~> 1.1.0)
      method_source (~> 0.8.1)
      slop (~> 3.4)
    pry-rails (0.3.4)
      pry (>= 0.9.10)
    rack (1.5.2)
    rack-test (0.6.3)
      rack (>= 1.0)
    railroady (1.3.0)
    rails (4.1.14.2)
      actionmailer (= 4.1.14.2)
      actionpack (= 4.1.14.2)
      actionview (= 4.1.14.2)
      activemodel (= 4.1.14.2)
      activerecord (= 4.1.14.2)
      activesupport (= 4.1.14.2)
      bundler (>= 1.3.0, < 2.0)
      railties (= 4.1.14.2)
      sprockets-rails (~> 2.0)
    rails3-generators (1.0.0)
      railties (>= 3.0.0)
    railties (4.1.14.2)
      actionpack (= 4.1.14.2)
      activesupport (= 4.1.14.2)
      rake (>= 0.8.7)
      thor (>= 0.18.1, < 2.0)
    raindrops (0.13.0)
    rake (10.5.0)
    rb-fsevent (0.9.4)
    rb-inotify (0.9.5)
      ffi (>= 0.5.0)
    recaptcha (0.3.4)
    request_store (1.1.0)
    responders (1.1.2)
      railties (>= 3.2, < 4.2)
    rspec-activemodel-mocks (1.0.1)
      activemodel (>= 3.0)
      activesupport (>= 3.0)
      rspec-mocks (>= 2.99, < 4.0)
    rspec-collection_matchers (1.1.2)
      rspec-expectations (>= 2.99.0.beta1)
    rspec-core (3.2.3)
      rspec-support (~> 3.2.0)
    rspec-expectations (3.2.1)
      diff-lcs (>= 1.2.0, < 2.0)
      rspec-support (~> 3.2.0)
    rspec-its (1.2.0)
      rspec-core (>= 3.0.0)
      rspec-expectations (>= 3.0.0)
    rspec-mocks (3.2.1)
      diff-lcs (>= 1.2.0, < 2.0)
      rspec-support (~> 3.2.0)
    rspec-rails (3.2.1)
      actionpack (>= 3.0, < 4.3)
      activesupport (>= 3.0, < 4.3)
      railties (>= 3.0, < 4.3)
      rspec-core (~> 3.2.0)
      rspec-expectations (~> 3.2.0)
      rspec-mocks (~> 3.2.0)
      rspec-support (~> 3.2.0)
    rspec-support (3.2.2)
    ruby-ole (1.2.11.8)
    sass (3.3.14)
    sass-rails (5.0.1)
      railties (>= 4.0.0, < 5.0)
      sass (~> 3.1)
      sprockets (>= 2.8, < 4.0)
      sprockets-rails (>= 2.0, < 4.0)
      tilt (~> 1.1)
    shoulda-matchers (2.8.0)
      activesupport (>= 3.0.0)
    sitemap_generator (5.0.5)
      builder
    slop (3.6.0)
    spork (0.9.2)
    spreadsheet (0.6.5.3)
      ruby-ole (>= 1.0)
    sprockets (2.12.4)
      hike (~> 1.2)
      multi_json (~> 1.0)
      rack (~> 1.0)
      tilt (~> 1.1, != 1.3.0)
    sprockets-rails (2.3.3)
      actionpack (>= 3.0)
      activesupport (>= 3.0)
      sprockets (>= 2.8, < 4.0)
    susy (2.2.2)
      sass (>= 3.3.0, < 3.5)
    thin (1.6.3)
      daemons (~> 1.0, >= 1.0.9)
      eventmachine (~> 1.0)
      rack (~> 1.0)
    thor (0.19.1)
    thread_safe (0.3.5)
    tilt (1.4.1)
    tzinfo (1.2.2)
      thread_safe (~> 0.1)
    uglifier (2.7.2)
      execjs (>= 0.3.0)
      json (>= 1.8.0)
    unicorn (4.8.3)
      kgio (~> 2.6)
      rack
      raindrops (~> 0.7)
    warden (1.2.3)
      rack (>= 1.0)
    whenever (0.9.2)
      activesupport (>= 2.3.4)
      chronic (>= 0.6.3)
    will_paginate (3.0.7)
    wirble (0.1.3)
    xpath (2.0.0)
      nokogiri (~> 1.3)

PLATFORMS
  ruby

DEPENDENCIES
  ZenTest
  airbrake
  ancestry
  autotest-rails
  cancancan
  ckeditor
  columnize
  compass-rails (~> 2.0.4)
  cucumber-rails
  database_cleaner
  devise
  draper
  escape_utils
  factory_girl_rails
  faker
  font-awesome-sass
  friendly_id (~> 5.0.0)
  hirb
  hpricot (~> 0.8.4)
  httparty
  jquery-rails
  jquery-ui-rails
  launchy
  nested_form (= 0.3.1)
  nokogiri
  paperclip (~> 4.2)
  pg (~> 0.17)
  pg_search
  pry-rails
  rack (= 1.5.2)
  railroady
  rails (~> 4.1)
  rails3-generators
  rake
  recaptcha (= 0.3.4)
  rspec-activemodel-mocks
  rspec-collection_matchers
  rspec-its
  rspec-rails
  sass-rails (~> 5.0.0)
  shoulda-matchers
  sitemap_generator
  spork
  spreadsheet (= 0.6.5.3)
  susy
  thin
  uglifier
  unicorn
  whenever
  will_paginate (~> 3.0)
  wirble
